GEM
  remote: https://rubygems.org/
  specs:
    ansi (1.4.3)
    minitest (4.6.1)
    nokogiri (1.5.6)
    rake (10.0.3)
    turn (0.9.6)
      ansi

PLATFORMS
  ruby

DEPENDENCIES
  minitest
  nokogiri
  rake
  turn
